GEM
  remote: https://rubygems.org/
  specs:
    embulk (0.10.15-java)
      bundler (>= 1.10.6)
      liquid (~> 4.0.0)
      msgpack (~> 1.1.0)
    embulk-filter-ruby_proc (0.8.1)
    embulk-input-mysql (0.11.1-java)
    liquid (4.0.3)
    msgpack (1.1.0-java)

PLATFORMS
  java

DEPENDENCIES
  embulk
  embulk-filter-ruby_proc
  embulk-input-mysql

BUNDLED WITH
   1.16.0
